PATH
  remote: .
  specs:
    Hashmaker (1.1.0)

GEM
  remote: https://rubygems.org/
  specs:
    rake (10.4.2)

PLATFORMS
  ruby

DEPENDENCIES
  Hashmaker!
  bundler (~> 1.16.a)
  rake (~> 10.0)

BUNDLED WITH
   1.16.0.pre.2
